PATH
  remote: .
  specs:
    executable_mock (1.0.0)

GEM
  remote: https://rubygems.org/
  specs:
    ast (2.4.0)
    byebug (10.0.2)
    colorize (0.8.1)
    diff-lcs (1.3)
    jaro_winkler (1.5.1)
    memory_profiler (0.9.12)
    parallel (1.12.1)
    parser (2.5.3.0)
      ast (~> 2.4.0)
    performa (0.1.0)
      colorize (~> 0.8)
    powerpack (0.1.2)
    rainbow (3.0.0)
    rake (12.3.1)
    rspec (3.8.0)
      rspec-core (~> 3.8.0)
      rspec-expectations (~> 3.8.0)
      rspec-mocks (~> 3.8.0)
    rspec-core (3.8.0)
      rspec-support (~> 3.8.0)
    rspec-expectations (3.8.2)
      diff-lcs (>= 1.2.0, < 2.0)
      rspec-support (~> 3.8.0)
    rspec-mocks (3.8.0)
      diff-lcs (>= 1.2.0, < 2.0)
      rspec-support (~> 3.8.0)
    rspec-support (3.8.0)
    rubocop (0.60.0)
      jaro_winkler (~> 1.5.1)
      parallel (~> 1.10)
      parser (>= 2.5, != 2.5.1.1)
      powerpack (~> 0.1)
      rainbow (>= 2.2.2, < 4.0)
      ruby-progressbar (~> 1.7)
      unicode-display_width (~> 1.4.0)
    ruby-progressbar (1.10.0)
    unicode-display_width (1.4.0)

PLATFORMS
  ruby

DEPENDENCIES
  bundler
  byebug
  executable_mock!
  memory_profiler
  performa
  rake
  rspec
  rubocop

BUNDLED WITH
   1.17.1
